GEM
  remote: http://rubygems.org/
  specs:
    chunky_png (1.2.7)
    cmdparse (2.0.5)
    coderay (1.0.9)
    compass (0.12.2)
      chunky_png (~> 1.2)
      fssm (>= 0.2.7)
      sass (~> 3.1)
    compass-growl (0.1.1)
      compass (>= 0.12)
      ruby_gntp
    em-websocket (0.5.0)
      eventmachine (>= 0.12.9)
      http_parser.rb (~> 0.5.3)
    eventmachine (1.0.3)
    ffi (1.0.11)
    fssm (0.2.10)
    guard (1.6.2)
      listen (>= 0.6.0)
      lumberjack (>= 1.0.2)
      pry (>= 0.9.10)
      terminal-table (>= 1.4.3)
      thor (>= 0.14.6)
    guard-compass (0.0.6)
      compass (>= 0.10.5)
      guard (>= 0.2.1)
    guard-livereload (1.1.3)
      em-websocket (>= 0.2.0)
      guard (>= 1.5.0)
      multi_json (~> 1.0)
    guard-process (1.0.5)
      ffi (~> 1.0.9)
      guard (>= 0.4.2)
      spoon (~> 0.0.1)
    http_parser.rb (0.5.3)
    juicer (1.0.20)
      cmdparse
      nokogiri (>= 1.5.0)
      rubyzip
    listen (0.7.3)
    lumberjack (1.0.3)
    method_source (0.8.1)
    multi_json (1.7.2)
    nokogiri (1.5.9)
    pry (0.9.12)
      coderay (~> 1.0.5)
      method_source (~> 0.8)
      slop (~> 3.4)
    rb-fsevent (0.9.3)
    ruby_gntp (0.3.4)
    rubyzip (0.9.9)
    sass (3.2.7)
    slop (3.4.4)
    spoon (0.0.1)
    terminal-table (1.4.5)
    thor (0.18.0)
    zurb-foundation (4.1.6)
      sass (>= 3.2.0)

PLATFORMS
  ruby

DEPENDENCIES
  compass
  compass-growl
  guard
  guard-compass
  guard-livereload
  guard-process
  juicer
  rb-fsevent (~> 0.9)
  zurb-foundation (~> 4.1)
